GEM
  remote: https://rubygems.org/
  specs:
    coderay (1.1.2)
    front_matter_parser (0.2.0)
    rake (13.0.1)
    redcarpet (3.5.1)

PLATFORMS
  ruby
  x64-mingw32
  x86-mingw32

DEPENDENCIES
  coderay
  front_matter_parser
  rake (>= 12.3.3)
  redcarpet

BUNDLED WITH
   1.17.2
